GEM
  remote: https://rubygems.org/
  specs:
    active_fulfillment (2.1.1)
      active_utils (>= 1.0.1)
      activesupport (>= 3.2.9)
      builder (>= 2.0.0)
    active_utils (2.0.2)
      activesupport (>= 2.3.11)
      i18n
    activemodel (4.0.3)
      activesupport (= 4.0.3)
      builder (~> 3.1.0)
    activerecord (4.0.3)
      activemodel (= 4.0.3)
      activerecord-deprecated_finders (~> 1.0.2)
      activesupport (= 4.0.3)
      arel (~> 4.0.0)
    activerecord-deprecated_finders (1.0.3)
    activeresource (4.0.0)
      activemodel (~> 4.0)
      activesupport (~> 4.0)
      rails-observers (~> 0.1.1)
    activesupport (4.0.3)
      i18n (~> 0.6, >= 0.6.4)
      minitest (~> 4.2)
      multi_json (~> 1.3)
      thread_safe (~> 0.1)
      tzinfo (~> 0.3.37)
    arel (4.0.2)
    atomic (1.1.15)
    attr_encrypted (1.3.2)
      encryptor (>= 1.3.0)
    builder (3.1.4)
    byebug (2.7.0)
      columnize (~> 0.3)
      debugger-linecache (~> 1.2)
    coderay (1.1.0)
    columnize (0.3.6)
    debugger-linecache (1.2.0)
    dotenv (0.10.0)
    encryptor (1.3.0)
    faraday (0.9.0)
      multipart-post (>= 1.2, < 3)
    foreman (0.63.0)
      dotenv (>= 0.7)
      thor (>= 0.13.6)
    hashie (2.0.5)
    i18n (0.6.9)
    json (1.8.1)
    jwt (0.1.11)
      multi_json (>= 1.5)
    method_source (0.8.2)
    minitest (4.7.5)
    multi_json (1.9.0)
    multi_xml (0.5.5)
    multipart-post (2.0.0)
    oauth2 (0.9.3)
      faraday (>= 0.8, < 0.10)
      jwt (~> 0.1.8)
      multi_json (~> 1.3)
      multi_xml (~> 0.5)
      rack (~> 1.2)
    omniauth (1.2.1)
      hashie (>= 1.2, < 3)
      rack (~> 1.0)
    omniauth-oauth2 (1.1.2)
      faraday (>= 0.8, < 0.10)
      multi_json (~> 1.3)
      oauth2 (~> 0.9.3)
      omniauth (~> 1.2)
    omniauth-shopify-oauth2 (1.1.3)
      omniauth-oauth2 (~> 1.1.1)
    pg (0.17.1)
    pry (0.9.12.6)
      coderay (~> 1.0)
      method_source (~> 0.8)
      slop (~> 3.4)
    rack (1.5.2)
    rack-flash3 (1.0.5)
      rack
    rack-protection (1.5.2)
      rack
    rails-observers (0.1.2)
      activemodel (~> 4.0)
    rake (10.1.1)
    shopify_api (3.2.1)
      activeresource (>= 3.0.0)
      thor (>= 0.14.4)
    sinatra (1.4.4)
      rack (~> 1.4)
      rack-protection (~> 1.4)
      tilt (~> 1.3, >= 1.3.4)
    sinatra-activerecord (1.6.0)
      activerecord (>= 3.0)
      sinatra (~> 1.0)
    slop (3.4.7)
    sqlite3 (1.3.9)
    thor (0.18.1)
    thread_safe (0.2.0)
      atomic (>= 1.1.7, < 2)
    tilt (1.4.1)
    tzinfo (0.3.39)

PLATFORMS
  ruby

DEPENDENCIES
  active_fulfillment
  activesupport
  attr_encrypted
  byebug
  foreman
  json
  omniauth-shopify-oauth2
  pg
  pry
  rack-flash3
  rake
  shopify_api
  sinatra
  sinatra-activerecord
  sqlite3
